PATH
  remote: .
  specs:
    vcd-cli (0.0.1)
      thor (= 0.18.1)

GEM
  remote: https://rubygems.org/
  remote: https://rubygems.org/
  remote: https://rubygems.org/
  specs:
    diff-lcs (1.2.4)
    mime-types (1.23)
    mini_portile (0.5.1)
    nokogiri (1.6.0)
      mini_portile (~> 0.5.0)
    nokogiri-diff (0.2.0)
      nokogiri (~> 1.5)
      tdiff (~> 0.3, >= 0.3.2)
    rest-client (1.6.7)
      mime-types (>= 1.16)
    rspec (2.14.0)
      rspec-core (~> 2.14.0)
      rspec-expectations (~> 2.14.0)
      rspec-mocks (~> 2.14.0)
    rspec-core (2.14.2)
    rspec-expectations (2.14.0)
      diff-lcs (>= 1.1.3, < 2.0)
    rspec-mocks (2.14.1)
    tdiff (0.3.3)
    thor (0.18.1)

PLATFORMS
  ruby

DEPENDENCIES
  nokogiri-diff
  rest-client
  rspec
  vcd-cli!
