PATH
  remote: .
  specs:
    vcd-cli (0.0.1)
      thor (= 0.18.1)
      yajl-ruby (>= 0.8.2)

GEM
  remote: https://rubygems.org/
  remote: https://rubygems.org/
  specs:
    diff-lcs (1.2.4)
    rspec (2.14.0)
      rspec-core (~> 2.14.0)
      rspec-expectations (~> 2.14.0)
      rspec-mocks (~> 2.14.0)
    rspec-core (2.14.2)
    rspec-expectations (2.14.0)
      diff-lcs (>= 1.1.3, < 2.0)
    rspec-mocks (2.14.1)
    thor (0.18.1)
    yajl-ruby (1.1.0)

PLATFORMS
  ruby

DEPENDENCIES
  rspec
  vcd-cli!
